STORAGE: NONE
NUGET
  remote: https://api.nuget.org/v3/index.json
    FSharp.Core (9.0.300)
    FSharp.SystemTextJson (1.4.36) - restriction: >= net6.0
      FSharp.Core (>= 4.7) - restriction: >= netstandard2.0
      System.Text.Json (>= 6.0.10) - restriction: >= netstandard2.0
    Giraffe (7.0.2)
      FSharp.Core (>= 6.0) - restriction: >= net6.0
      FSharp.SystemTextJson (>= 1.3.13) - restriction: >= net6.0
      Giraffe.ViewEngine (>= 1.4) - restriction: >= net6.0
      Microsoft.IO.RecyclableMemoryStream (>= 3.0.1) - restriction: >= net6.0
      System.Text.Json (>= 8.0.5) - restriction: >= net6.0
    Giraffe.ViewEngine (1.4) - restriction: >= net6.0
      FSharp.Core (>= 5.0) - restriction: >= netstandard2.0
    Microsoft.Bcl.AsyncInterfaces (9.0.6) - restriction: || (>= net462) (&& (>= net6.0) (< net8.0)) (&& (< net6.0) (>= netstandard2.0))
    Microsoft.Bcl.TimeProvider (9.0.6) - restriction: || (>= net462) (&& (>= net6.0) (< net8.0)) (&& (< net6.0) (>= netstandard2.0))
      Microsoft.Bcl.AsyncInterfaces (>= 9.0.6) - restriction: || (>= net462) (&& (< net8.0) (>= netstandard2.0))
      System.ValueTuple (>= 4.5) - restriction: >= net462
    Microsoft.IO.RecyclableMemoryStream (3.0.1) - restriction: >= net6.0
    Polly (8.6)
      Polly.Core (>= 8.6) - restriction: || (>= net462) (>= netstandard2.0)
    Polly.Core (8.6) - restriction: || (>= net462) (>= netstandard2.0)
      Microsoft.Bcl.AsyncInterfaces (>= 6.0) - restriction: || (>= net462) (&& (< net6.0) (>= netstandard2.0))
      Microsoft.Bcl.TimeProvider (>= 8.0) - restriction: || (>= net462) (&& (>= net6.0) (< net8.0)) (&& (< net6.0) (>= netstandard2.0))
      System.ComponentModel.Annotations (>= 4.5) - restriction: || (>= net462) (&& (< net6.0) (>= netstandard2.0))
      System.Threading.Tasks.Extensions (>= 4.5.4) - restriction: || (>= net462) (&& (< net6.0) (>= netstandard2.0))
      System.ValueTuple (>= 4.5) - restriction: >= net462
    System.Buffers (4.6.1) - restriction: || (&& (>= net462) (>= net6.0)) (&& (>= net6.0) (< net8.0))
    System.ComponentModel.Annotations (5.0) - restriction: || (>= net462) (&& (< net6.0) (>= netstandard2.0))
    System.IO.Pipelines (9.0.6) - restriction: || (&& (>= net462) (>= net6.0)) (&& (>= net6.0) (< net8.0)) (&& (>= net8.0) (< net9.0))
      System.Buffers (>= 4.5.1) - restriction: || (>= net462) (&& (< net8.0) (>= netstandard2.0))
      System.Memory (>= 4.5.5) - restriction: || (>= net462) (&& (< net8.0) (>= netstandard2.0))
      System.Threading.Tasks.Extensions (>= 4.5.4) - restriction: || (>= net462) (&& (< net8.0) (>= netstandard2.0))
    System.Memory (4.6.3) - restriction: || (&& (>= net462) (>= net6.0)) (&& (>= net6.0) (< net8.0))
    System.Runtime.CompilerServices.Unsafe (6.1.2) - restriction: || (>= net462) (&& (>= net6.0) (< net8.0)) (&& (< netcoreapp2.1) (>= netstandard2.0) (< netstandard2.1))
    System.Text.Encodings.Web (9.0.6) - restriction: || (&& (>= net462) (>= net6.0)) (&& (>= net6.0) (< net8.0)) (&& (>= net8.0) (< net9.0))
      System.Buffers (>= 4.5.1) - restriction: || (>= net462) (&& (< net8.0) (>= netstandard2.0))
      System.Memory (>= 4.5.5) - restriction: || (>= net462) (&& (< net8.0) (>= netstandard2.0))
      System.Runtime.CompilerServices.Unsafe (>= 6.0) - restriction: || (>= net462) (&& (< net8.0) (>= netstandard2.0))
    System.Text.Json (9.0.6) - restriction: >= net6.0
      Microsoft.Bcl.AsyncInterfaces (>= 9.0.6) - restriction: || (>= net462) (&& (< net8.0) (>= netstandard2.0))
      System.Buffers (>= 4.5.1) - restriction: || (>= net462) (&& (< net8.0) (>= netstandard2.0))
      System.IO.Pipelines (>= 9.0.6) - restriction: || (>= net462) (&& (>= net8.0) (< net9.0)) (&& (< net8.0) (>= netstandard2.0))
      System.Memory (>= 4.5.5) - restriction: || (>= net462) (&& (< net8.0) (>= netstandard2.0))
      System.Runtime.CompilerServices.Unsafe (>= 6.0) - restriction: || (>= net462) (&& (< net8.0) (>= netstandard2.0))
      System.Text.Encodings.Web (>= 9.0.6) - restriction: || (>= net462) (&& (>= net8.0) (< net9.0)) (&& (< net8.0) (>= netstandard2.0))
      System.Threading.Tasks.Extensions (>= 4.5.4) - restriction: || (>= net462) (&& (< net8.0) (>= netstandard2.0))
    System.Threading.Tasks.Extensions (4.6.3) - restriction: || (>= net462) (&& (>= net6.0) (< net8.0)) (&& (< net6.0) (>= netstandard2.0))
      System.Runtime.CompilerServices.Unsafe (>= 6.1.2) - restriction: || (>= net462) (&& (< netcoreapp2.1) (>= netstandard2.0) (< netstandard2.1))
    System.ValueTuple (4.6.1) - restriction: >= net462

GROUP Tests
STORAGE: NONE
NUGET
  remote: https://api.nuget.org/v3/index.json
    coverlet.collector (6.0.4)
    FSharp.Core (9.0.300)
    Microsoft.ApplicationInsights (2.23) - restriction: || (&& (>= net462) (>= netstandard2.0)) (>= netcoreapp3.1)
      System.Diagnostics.DiagnosticSource (>= 5.0) - restriction: || (&& (>= net452) (< netstandard2.0)) (&& (< net452) (>= netstandard2.0)) (>= net46)
    Microsoft.CodeCoverage (17.14.1) - restriction: || (>= net462) (>= net8.0)
    Microsoft.NET.Test.Sdk (17.14.1)
      Microsoft.CodeCoverage (>= 17.14.1) - restriction: || (>= net462) (>= net8.0)
      Microsoft.TestPlatform.TestHost (>= 17.14.1) - restriction: >= net8.0
    Microsoft.Testing.Extensions.Telemetry (1.7.2) - restriction: || (&& (>= net462) (>= netstandard2.0)) (>= netcoreapp3.1)
      Microsoft.ApplicationInsights (>= 2.23) - restriction: >= netstandard2.0
      Microsoft.Testing.Platform (>= 1.7.2) - restriction: >= netstandard2.0
    Microsoft.Testing.Extensions.TrxReport.Abstractions (1.7.2) - restriction: || (&& (>= net462) (>= netstandard2.0)) (>= netcoreapp3.1)
      Microsoft.Testing.Platform (>= 1.7.2) - restriction: >= netstandard2.0
    Microsoft.Testing.Extensions.VSTestBridge (1.7.2) - restriction: || (>= net462) (>= netcoreapp3.1)
      Microsoft.Testing.Extensions.Telemetry (>= 1.7.2) - restriction: >= netstandard2.0
      Microsoft.Testing.Extensions.TrxReport.Abstractions (>= 1.7.2) - restriction: >= netstandard2.0
      Microsoft.Testing.Platform (>= 1.7.2) - restriction: >= netstandard2.0
      Microsoft.TestPlatform.AdapterUtilities (>= 17.13) - restriction: >= netstandard2.0
      Microsoft.TestPlatform.ObjectModel (>= 17.13) - restriction: >= netstandard2.0
    Microsoft.Testing.Platform (1.7.2) - restriction: || (&& (>= net462) (>= netstandard2.0)) (>= netcoreapp3.1)
    Microsoft.Testing.Platform.MSBuild (1.7.2) - restriction: || (>= net462) (>= netcoreapp3.1)
      Microsoft.Testing.Platform (>= 1.7.2) - restriction: >= netstandard2.0
    Microsoft.TestPlatform.AdapterUtilities (17.14.1) - restriction: || (&& (>= net462) (>= netstandard2.0)) (>= netcoreapp3.1)
    Microsoft.TestPlatform.ObjectModel (17.14.1) - restriction: || (&& (>= net462) (>= netstandard2.0)) (>= netcoreapp3.1)
      System.Reflection.Metadata (>= 8.0) - restriction: || (>= net462) (>= netstandard2.0)
    Microsoft.TestPlatform.TestHost (17.14.1) - restriction: >= net8.0
      Microsoft.TestPlatform.ObjectModel (>= 17.14.1) - restriction: >= net8.0
      Newtonsoft.Json (>= 13.0.3) - restriction: >= net8.0
    Newtonsoft.Json (13.0.3) - restriction: >= net8.0
    NUnit (4.3.2)
      System.Memory (>= 4.6) - restriction: >= net462
      System.Threading.Tasks.Extensions (>= 4.5.4) - restriction: >= net462
      System.ValueTuple (>= 4.5) - restriction: >= net462
    NUnit.Analyzers (4.9.1)
    NUnit3TestAdapter (5.0)
      Microsoft.Testing.Extensions.VSTestBridge (>= 1.5.3) - restriction: || (>= net462) (>= netcoreapp3.1)
      Microsoft.Testing.Platform.MSBuild (>= 1.5.3) - restriction: || (>= net462) (>= netcoreapp3.1)
    System.Buffers (4.6.1) - restriction: >= net462
    System.Collections.Immutable (9.0.6) - restriction: || (&& (>= net462) (>= net8.0)) (&& (>= net8.0) (< net9.0))
    System.Diagnostics.DiagnosticSource (9.0.6) - restriction: || (&& (>= net462) (>= netstandard2.0)) (>= netcoreapp3.1)
      System.Memory (>= 4.5.5) - restriction: || (>= net462) (&& (< net8.0) (>= netstandard2.0))
      System.Runtime.CompilerServices.Unsafe (>= 6.0) - restriction: || (>= net462) (&& (< net8.0) (>= netstandard2.0))
    System.Memory (4.6.3) - restriction: || (>= net462) (&& (< net8.0) (>= netcoreapp3.1))
      System.Buffers (>= 4.6.1) - restriction: || (>= net462) (&& (< netcoreapp2.1) (>= netstandard2.0) (< netstandard2.1))
      System.Numerics.Vectors (>= 4.6.1) - restriction: || (>= net462) (&& (< netcoreapp2.1) (>= netstandard2.0) (< netstandard2.1))
      System.Runtime.CompilerServices.Unsafe (>= 6.1.2) - restriction: || (>= net462) (&& (< netcoreapp2.1) (>= netstandard2.0) (< netstandard2.1))
    System.Numerics.Vectors (4.6.1) - restriction: >= net462
    System.Reflection.Metadata (9.0.6) - restriction: >= net8.0
      System.Collections.Immutable (>= 9.0.6) - restriction: || (>= net462) (&& (>= net8.0) (< net9.0)) (&& (< net8.0) (>= netstandard2.0))
    System.Runtime.CompilerServices.Unsafe (6.1.2) - restriction: || (>= net462) (&& (< net8.0) (>= netcoreapp3.1))
    System.Threading.Tasks.Extensions (4.6.3) - restriction: >= net462
      System.Runtime.CompilerServices.Unsafe (>= 6.1.2) - restriction: || (>= net462) (&& (< netcoreapp2.1) (>= netstandard2.0) (< netstandard2.1))
    System.ValueTuple (4.6.1) - restriction: >= net462
